PATH
  remote: .
  specs:
    my_editor (0.0.1)

GEM
  remote: https://rubygems.org/
  specs:
    byebug (9.0.5)
    minitest (5.9.0)

PLATFORMS
  ruby

DEPENDENCIES
  bundler
  byebug
  minitest
  my_editor!

BUNDLED WITH
   1.11.2
